GEM
  remote: http://rubygems.org/
  specs:
    github-markdown (0.5.3)
    rake (0.9.6)

PLATFORMS
  ruby

DEPENDENCIES
  github-markdown
  rake
